GEM
  remote: https://rubygems.org/
  specs:
    haml (4.0.7)
      tilt
    rack (1.6.13)
    rack-jquery (2.1.0)
      rack
      rack-jquery-helpers
    rack-jquery-helpers (0.0.1)
      rack (~> 1.4)
    rack-jquery_ui (3.0.0)
      rack
      rack-jquery-helpers
    rack-jquery_ui-themes (3.0.0)
      rack
      rack-jquery-helpers
    rack-protection (1.5.3)
      rack
    sinatra (1.4.6)
      rack (~> 1.4)
      rack-protection (~> 1.4)
      tilt (>= 1.3, < 3)
    tilt (2.0.1)

PLATFORMS
  ruby

DEPENDENCIES
  haml
  rack-jquery
  rack-jquery_ui
  rack-jquery_ui-themes
  sinatra

BUNDLED WITH
   1.10.2
